PATH
  remote: .
  specs:
    sygna (0.1.0)

GEM
  remote: https://rubygems.org/
  specs:
    bip44-ruby (0.1.2)
    diff-lcs (1.3)
    ecies (0.3.0)
    ffi (1.12.2)
    rake (10.5.0)
    rspec (3.9.0)
      rspec-core (~> 3.9.0)
      rspec-expectations (~> 3.9.0)
      rspec-mocks (~> 3.9.0)
    rspec-core (3.9.1)
      rspec-support (~> 3.9.1)
    rspec-expectations (3.9.1)
      diff-lcs (>= 1.2.0, < 2.0)
      rspec-support (~> 3.9.0)
    rspec-mocks (3.9.1)
      diff-lcs (>= 1.2.0, < 2.0)
      rspec-support (~> 3.9.0)
    rspec-support (3.9.2)
    secp256k1-ruby (0.4.1)
      ffi (>= 1.9.10)

PLATFORMS
  ruby

DEPENDENCIES
  bip44-ruby
  bundler (~> 1.17)
  ecies
  rake (~> 10.0)
  rspec (~> 3.0)
  secp256k1-ruby
  sygna!

BUNDLED WITH
   1.17.3
