PATH
  remote: .
  specs:
    sygna (0.1.8)
      bitcoin-secp256k1

GEM
  remote: https://rubygems.org/
  specs:
    bitcoin-secp256k1 (0.5.2)
      ffi (>= 1.9.25)
    diff-lcs (1.3)
    ffi (1.12.2)
    rake (12.3.3)
    rspec (3.9.0)
      rspec-core (~> 3.9.0)
      rspec-expectations (~> 3.9.0)
      rspec-mocks (~> 3.9.0)
    rspec-core (3.9.1)
      rspec-support (~> 3.9.1)
    rspec-expectations (3.9.1)
      diff-lcs (>= 1.2.0, < 2.0)
      rspec-support (~> 3.9.0)
    rspec-mocks (3.9.1)
      diff-lcs (>= 1.2.0, < 2.0)
      rspec-support (~> 3.9.0)
    rspec-support (3.9.2)

PLATFORMS
  ruby

DEPENDENCIES
  bitcoin-secp256k1
  bundler (~> 1.17)
  rake (~> 12)
  rspec (~> 3.7)
  sygna!

BUNDLED WITH
   1.17.3
